GEM
  remote: http://rubygems.org/
  specs:
    builder (3.2.0)
    capybara (2.1.0)
      mime-types (>= 1.16)
      nokogiri (>= 1.3.3)
      rack (>= 1.0.0)
      rack-test (>= 0.5.4)
      xpath (~> 2.0)
    childprocess (0.3.9)
      ffi (~> 1.0, >= 1.0.11)
    clik (0.1.0)
    coderay (1.0.9)
    colored (1.2)
    cucumber (1.2.5)
      builder (>= 2.1.2)
      diff-lcs (>= 1.1.3)
      gherkin (~> 2.11.7)
      multi_json (~> 1.3)
    cukesparse (1.0.7)
      clik (~> 0.1.0)
      colored (~> 1.2)
      cucumber (~> 1.2.5)
      psych (~> 1.3.4)
    diff-lcs (1.2.3)
    ffi (1.7.0)
    gherkin (2.11.8)
      multi_json (~> 1.3)
    method_source (0.8.1)
    mime-types (1.22)
    multi_json (1.7.2)
    nokogiri (1.5.9)
    pry (0.9.12)
      coderay (~> 1.0.5)
      method_source (~> 0.8)
      slop (~> 3.4)
    psych (1.3.4)
    rack (1.5.2)
    rack-test (0.6.2)
      rack (>= 1.0)
    rspec (2.13.0)
      rspec-core (~> 2.13.0)
      rspec-expectations (~> 2.13.0)
      rspec-mocks (~> 2.13.0)
    rspec-core (2.13.1)
    rspec-expectations (2.13.0)
      diff-lcs (>= 1.1.3, < 2.0)
    rspec-mocks (2.13.1)
    rubyzip (0.9.9)
    selenium-webdriver (2.32.1)
      childprocess (>= 0.2.5)
      multi_json (~> 1.0)
      rubyzip
      websocket (~> 1.0.4)
    slop (3.4.4)
    websocket (1.0.7)
    xpath (2.0.0)
      nokogiri (~> 1.3)

PLATFORMS
  ruby

DEPENDENCIES
  bundler
  capybara
  cucumber
  cukesparse
  pry
  rspec
  selenium-webdriver
